GEM
  remote: https://rubygems.org/
  specs:
    backports (3.11.1)
    dotenv (2.2.1)
    json (2.1.0)
    metaclass (0.0.4)
    minitest (5.11.3)
    mocha (1.4.0)
      metaclass (~> 0.0.1)
    multi_json (1.13.1)
    mustermann (1.0.2)
    rack (2.0.4)
    rack-protection (2.0.1)
      rack
    rack-test (1.0.0)
      rack (>= 1.0, < 3)
    rake (12.3.1)
    sinatra (2.0.1)
      mustermann (~> 1.0)
      rack (~> 2.0)
      rack-protection (= 2.0.1)
      tilt (~> 2.0)
    sinatra-contrib (2.0.1)
      backports (>= 2.0)
      multi_json
      mustermann (~> 1.0)
      rack-protection (= 2.0.1)
      sinatra (= 2.0.1)
      tilt (>= 1.3, < 3)
    sinatra-cross_origin (0.4.0)
    tilt (2.0.8)

PLATFORMS
  ruby

DEPENDENCIES
  dotenv
  json
  minitest
  mocha
  rack-test
  rake
  sinatra
  sinatra-contrib
  sinatra-cross_origin

RUBY VERSION
   ruby 2.5.0p0

BUNDLED WITH
   1.16.1
